GEM
  remote: https://rubygems.org/
  specs:
    byebug (11.1.3)
    date (3.2.2)
    nokogiri (1.13.3-x86_64-linux)
      racc (~> 1.4)
    open-uri (0.2.0)
      stringio
      time
      uri
    racc (1.6.0)
    stringio (3.0.1)
    time (0.2.0)
      date
    uri (0.11.0)

PLATFORMS
  x86_64-linux

DEPENDENCIES
  byebug
  nokogiri
  open-uri

BUNDLED WITH
   2.3.3
